GENERATE-LOAD-SCRIPTS: ON
NUGET
  remote: https://www.nuget.org/api/v2
    FSharp.Compiler.Tools (10.0.2) - restriction: >= net45
    FSharp.Control.AsyncSeq (2.0.21)
      FSharp.Core (>= 3.1.2) - restriction: >= net45
      FSharp.Core (>= 4.3.2) - restriction: && (< net45) (>= netstandard2.0)
    FSharp.Core (4.5.2)
    FSharp.Data (2.4.6)
      FSharp.Core (>= 4.0.0.1) - restriction: && (< net40) (< portable-net45+win8+wp8+wpa81)
      Zlib.Portable (>= 1.11) - restriction: || (&& (< net40) (>= portable-net45+win8)) (&& (< net40) (< portable-net45+win8) (>= portable-net45+win8+wp8+wpa81))
    FSharpx.Async (1.13.2)
      FSharp.Control.AsyncSeq
      FSharp.Core
    FSharpx.Collections (1.17)
      FSharp.Core
    FSharpx.Collections.Experimental (1.17)
      FSharp.Core
      FSharpx.Collections (>= 1.17)
    FSharpx.Extras (2.2.1)
      FSharpx.Async
      FSharpx.Collections
    System.ValueTuple (4.5) - restriction: >= net45
    Zlib.Portable (1.11) - restriction: || (&& (< net40) (>= portable-net45+win8)) (&& (< net40) (< portable-net45+win8) (>= portable-net45+win8+wp8+wpa81))
